GEM
  remote: https://rubygems.org/
  specs:
    mini_portile2 (2.1.0)
    nokogiri (1.6.8)
      mini_portile2 (~> 2.1.0)
      pkg-config (~> 1.1.7)
    pkg-config (1.1.7)
    rubyXL (3.3.21)
      nokogiri (>= 1.4.4)
      rubyzip (>= 1.1.6)
    rubyzip (1.2.0)
    unicode (0.4.4.2)

PLATFORMS
  ruby

DEPENDENCIES
  rubyXL
  unicode

BUNDLED WITH
   1.12.5
